GEM
  remote: http://ruby.taobao.org/
  specs:
    awesome_print (1.2.0)
    rake (10.1.1)
    serialport (1.3.0)

PLATFORMS
  ruby

DEPENDENCIES
  awesome_print
  rake
  serialport
